GEM
  remote: https://rubygems.org/
  specs:
    base64 (0.2.0)
    drb-websocket (0.5.5)
      faye-websocket
      puma
      rack (~> 3.0)
      rackup
    eventmachine (1.2.7)
    faye-websocket (0.11.3)
      eventmachine (>= 0.12.0)
      websocket-driver (>= 0.5.1)
    js (2.7.1)
    nio4r (2.7.4)
    puma (6.6.0)
      nio4r (~> 2.0)
    rack (3.1.13)
    rackup (2.2.1)
      rack (>= 3)
    ruby_wasm (2.7.1-arm64-darwin)
    wasm_drb (0.1.4)
      js (~> 2.7)
      ruby_wasm (~> 2.7)
    webrick (1.9.1)
    websocket-driver (0.7.7)
      base64
      websocket-extensions (>= 0.1.0)
    websocket-extensions (0.1.5)

PLATFORMS
  arm64-darwin-23

DEPENDENCIES
  drb-websocket
  wasm_drb
  webrick

RUBY VERSION
   ruby 3.2.0p0

BUNDLED WITH
   2.4.1
